GIT
  remote: git://github.com/collectiveidea/delayed_job.git
  revision: 2f02f64f73499b6f217aab9cbf7e5050a3992c71
  specs:
    delayed_job (4.0.0)
      activesupport (>= 3.0, < 4.1)

GIT
  remote: git://github.com/collectiveidea/delayed_job_active_record.git
  revision: 711f08d9ad4388086840c5205784a3b2adb49e21
  specs:
    delayed_job_active_record (4.0.0)
      activerecord (>= 3.0, < 4.1)
      delayed_job (>= 3.0, < 4.1)

GIT
  remote: git://github.com/drewblas/aws-ses.git
  revision: e479e039258e06fb40f3b75b140812aa55ca980e
  specs:
    aws-ses (0.5.0)
      builder
      mail (> 2.2.5)
      mime-types
      xml-simple

GIT
  remote: git://github.com/ekampp/cacheable-csrf-token-rails
  revision: 9775c6fd48832056c23606fc694e202b7aad0e61
  specs:
    cacheable-csrf-token-rails (0.2.0)
      rails (>= 3.2.5)

GIT
  remote: git://github.com/sferik/rails_admin
  revision: 6e0c11bc32a6b306e632143a8febc403b059aad3
  specs:
    rails_admin (0.6.0)
      builder (~> 3.1)
      coffee-rails (~> 4.0)
      font-awesome-rails (>= 3.0)
      haml (~> 4.0)
      jquery-rails (~> 3.0)
      jquery-ui-rails (~> 4.0)
      kaminari (~> 0.14)
      nested_form (~> 0.3)
      rack-pjax (~> 0.7)
      rails (~> 4.0.0)
      remotipart (~> 1.0)
      safe_yaml (~> 0.9)
      sass-rails (~> 4.0)

GIT
  remote: git://github.com/tkriplean/themes_for_rails.git
  revision: 3f6bc17fdbe3ed9e9153ec0285e1d8121b5492fb
  specs:
    themes_for_rails (0.5.2)
      rails (>= 3.2.0)

GIT
  remote: git://github.com/youdonz/mailhopper
  revision: 9467595bc70a77988e397c297e6f314084daeb10
  branch: rails4
  specs:
    mailhopper (0.2.0)
      rails (>= 4.0.0)

PATH
  remote: lib/gems/assessable
  specs:
    assessable (0.0.1)

PATH
  remote: lib/gems/commentable
  specs:
    commentable (0.0.1)

PATH
  remote: lib/gems/followable
  specs:
    followable (0.0.1)

PATH
  remote: lib/gems/moderatable
  specs:
    moderatable (0.0.1)

PATH
  remote: lib/gems/thankable
  specs:
    thankable (0.0.1)

PATH
  remote: lib/gems/trackable
  specs:
    trackable (0.0.1)

GEM
  remote: http://rubygems.org/
  specs:
    actionmailer (4.0.2)
      actionpack (= 4.0.2)
      mail (~> 2.5.4)
    actionmailer-with-request (0.4.0)
      rails (>= 3)
    actionpack (4.0.2)
      activesupport (= 4.0.2)
      builder (~> 3.1.0)
      erubis (~> 2.7.0)
      rack (~> 1.5.2)
      rack-test (~> 0.6.2)
    actionpack-action_caching (1.1.0)
      actionpack (>= 4.0.0, < 5.0)
    activemodel (4.0.2)
      activesupport (= 4.0.2)
      builder (~> 3.1.0)
    activerecord (4.0.2)
      activemodel (= 4.0.2)
      activerecord-deprecated_finders (~> 1.0.2)
      activesupport (= 4.0.2)
      arel (~> 4.0.0)
    activerecord-deprecated_finders (1.0.3)
    activesupport (4.0.2)
      i18n (~> 0.6, >= 0.6.4)
      minitest (~> 4.2)
      multi_json (~> 1.3)
      thread_safe (~> 0.1)
      tzinfo (~> 0.3.37)
    acts_as_tenant (0.3.1)
      rails (>= 3.1)
      request_store (>= 1.0.5)
    addressable (2.3.5)
    arel (4.0.1)
    asset_sync (1.0.0)
      activemodel
      fog (>= 1.8.0)
    atomic (1.1.14)
    aws-sdk (1.31.3)
      json (~> 1.4)
      nokogiri (>= 1.4.4)
      uuidtools (~> 2.1)
    backup (3.0.27)
      open4 (~> 1.3.0)
      thor (>= 0.15.4, < 2)
    bcrypt-ruby (3.1.2)
    buftok (0.2.0)
    builder (3.1.4)
    callsite (0.0.11)
    cancan (1.6.10)
    celluloid (0.15.2)
      timers (~> 1.1.0)
    chronic (0.10.2)
    chunky_png (1.2.9)
    climate_control (0.0.3)
      activesupport (>= 3.0)
    cocaine (0.5.3)
      climate_control (>= 0.0.3, < 1.0)
    coderay (1.1.0)
    coffee-rails (4.0.1)
      coffee-script (>= 2.2.0)
      railties (>= 4.0.0, < 5.0)
    coffee-script (2.2.0)
      coffee-script-source
      execjs
    coffee-script-source (1.6.3)
    compass (0.12.2)
      chunky_png (~> 1.2)
      fssm (>= 0.2.7)
      sass (~> 3.1)
    compass-rails (1.1.2)
      compass (>= 0.12.2)
    css_parser (1.3.5)
      addressable
    daemons (1.1.9)
    dalli (2.6.4)
    delayed_mailhopper (0.0.7)
      delayed_job
      mailhopper (>= 0.0.1)
    descendants_tracker (0.0.3)
    devise (3.2.2)
      bcrypt-ruby (~> 3.0)
      orm_adapter (~> 0.1)
      railties (>= 3.2.6, < 5)
      thread_safe (~> 0.1)
      warden (~> 1.2.3)
    em-websocket (0.3.8)
      addressable (>= 2.1.1)
      eventmachine (>= 0.12.9)
    equalizer (0.0.9)
    erubis (2.7.0)
    eventmachine (1.0.3)
    exception_notification (4.0.1)
      actionmailer (>= 3.0.4)
      activesupport (>= 3.0.4)
    excon (0.31.0)
    execjs (2.0.2)
    exifr (1.1.3)
    faraday (0.8.8)
      multipart-post (~> 1.2.0)
    ffi (1.9.3)
    fog (1.19.0)
      builder
      excon (~> 0.31.0)
      formatador (~> 0.2.0)
      mime-types
      multi_json (~> 1.0)
      net-scp (~> 1.1)
      net-ssh (>= 2.1.3)
      nokogiri (~> 1.5)
      ruby-hmac
    font-awesome-rails (4.0.3.0)
      railties (>= 3.2, < 5.0)
    formatador (0.2.4)
    fspath (2.0.6)
    fssm (0.2.10)
    guard (2.2.5)
      formatador (>= 0.2.4)
      listen (~> 2.1)
      lumberjack (~> 1.0)
      pry (>= 0.9.12)
      thor (>= 0.18.1)
    guard-livereload (1.3.0)
      em-websocket (>= 0.2.0)
      guard (>= 1.5.0)
      multi_json (~> 1.0)
    haml (4.0.4)
      tilt
    hashie (2.0.5)
    hike (1.2.3)
    htmlentities (4.3.1)
    http (0.5.0)
      http_parser.rb
    http_parser.rb (0.6.0)
    httpauth (0.2.0)
    i18n (0.6.9)
    image_optim (0.9.1)
      exifr (~> 1.1.3)
      fspath (~> 2.0.5)
      image_size (~> 1.1.2)
      in_threads (~> 1.2.0)
      progress (~> 3.0.0)
    image_size (1.1.5)
    in_threads (1.2.0)
    jquery-rails (3.0.4)
      railties (>= 3.0, < 5.0)
      thor (>= 0.14, < 2.0)
    jquery-ui-rails (4.1.1)
      railties (>= 3.1.0)
    js-routes (0.9.6)
      rails (>= 3.2)
    json (1.8.1)
    jwt (0.1.8)
      multi_json (>= 1.5)
    kaminari (0.15.0)
      actionpack (>= 3.0.0)
      activesupport (>= 3.0.0)
    libv8 (3.16.14.3)
    listen (2.4.0)
      celluloid (>= 0.15.2)
      rb-fsevent (>= 0.9.3)
      rb-inotify (>= 0.9)
    lumberjack (1.0.4)
    mail (2.5.4)
      mime-types (~> 1.16)
      treetop (~> 1.4.8)
    memoizable (0.3.1)
      thread_safe (~> 0.1.3)
    meta_request (0.2.8)
      callsite
      rack-contrib
      railties
    method_source (0.8.2)
    mime-types (1.25.1)
    mini_portile (0.5.2)
    minitest (4.7.5)
    multi_json (1.8.2)
    multipart-post (1.2.0)
    mysql2 (0.3.14)
    nested_form (0.3.2)
    net-scp (1.1.2)
      net-ssh (>= 2.6.5)
    net-ssh (2.7.0)
    newrelic_rpm (3.7.1.180)
    nokogiri (1.6.1)
      mini_portile (~> 0.5.0)
    oauth (0.4.7)
    oauth2 (0.8.1)
      faraday (~> 0.8)
      httpauth (~> 0.1)
      jwt (~> 0.1.4)
      multi_json (~> 1.0)
      rack (~> 1.2)
    oj (2.5.1)
    omniauth (1.1.4)
      hashie (>= 1.2, < 3)
      rack
    omniauth-facebook (1.5.1)
      omniauth-oauth2 (~> 1.1.0)
    omniauth-google-oauth2 (0.2.1)
      omniauth (~> 1.0)
      omniauth-oauth2
    omniauth-oauth (1.0.1)
      oauth
      omniauth (~> 1.0)
    omniauth-oauth2 (1.1.1)
      oauth2 (~> 0.8.0)
      omniauth (~> 1.0)
    omniauth-twitter (1.0.1)
      multi_json (~> 1.3)
      omniauth-oauth (~> 1.0)
    open4 (1.3.0)
    orm_adapter (0.5.0)
    paper_trail (3.0.0)
      activerecord (>= 3.0, < 5.0)
      activesupport (>= 3.0, < 5.0)
    paperclip (3.5.2)
      activemodel (>= 3.0.0)
      activesupport (>= 3.0.0)
      cocaine (~> 0.5.3)
      mime-types
    paperclip-optimizer (1.0.0)
      image_optim (~> 0.9)
      paperclip
      paperclip (~> 3.5.2)
    polyglot (0.3.3)
    premailer (1.7.9)
      css_parser (>= 1.1.9)
      htmlentities (>= 4.0.0)
    premailer-rails (1.6.1)
      actionmailer (>= 3, < 5)
      premailer (~> 1.7, >= 1.7.9)
    progress (3.0.0)
    pry (0.9.12.4)
      coderay (~> 1.0)
      method_source (~> 0.8)
      slop (~> 3.4)
    rack (1.5.2)
    rack-contrib (1.1.0)
      rack (>= 0.9.1)
    rack-livereload (0.3.15)
      rack
    rack-pjax (0.7.0)
      nokogiri (~> 1.5)
      rack (~> 1.3)
    rack-test (0.6.2)
      rack (>= 1.0)
    rails (4.0.2)
      actionmailer (= 4.0.2)
      actionpack (= 4.0.2)
      activerecord (= 4.0.2)
      activesupport (= 4.0.2)
      bundler (>= 1.3.0, < 2.0)
      railties (= 4.0.2)
      sprockets-rails (~> 2.0.0)
    railties (4.0.2)
      actionpack (= 4.0.2)
      activesupport (= 4.0.2)
      rake (>= 0.8.7)
      thor (>= 0.18.1, < 2.0)
    rake (10.1.1)
    rb-fsevent (0.9.3)
    rb-inotify (0.9.3)
      ffi (>= 0.5.0)
    ref (1.0.5)
    remotipart (1.2.1)
    request_store (1.0.5)
    rinku (1.7.3)
    role_model (0.8.1)
    ruby-hmac (0.4.0)
    safe_yaml (0.9.7)
    sanitize (2.0.6)
      nokogiri (>= 1.4.4)
    sass (3.2.13)
    sass-rails (4.0.1)
      railties (>= 4.0.0, < 5.0)
      sass (>= 3.1.10)
      sprockets-rails (~> 2.0.0)
    sassy-buttons (0.2.6)
      compass (>= 0.12.2)
    simple_oauth (0.2.0)
    sitemap_generator (4.3.1)
      builder
    slop (3.4.7)
    sprockets (2.10.1)
      hike (~> 1.2)
      multi_json (~> 1.0)
      rack (~> 1.0)
      tilt (~> 1.1, != 1.3.0)
    sprockets-rails (2.0.1)
      actionpack (>= 3.0)
      activesupport (>= 3.0)
      sprockets (~> 2.8)
    therubyracer (0.12.0)
      libv8 (~> 3.16.14.0)
      ref
    thin (1.6.1)
      daemons (>= 1.0.9)
      eventmachine (>= 1.0.0)
      rack (>= 1.0.0)
    thor (0.18.1)
    thread_safe (0.1.3)
      atomic
    tilt (1.4.1)
    timers (1.1.0)
    treetop (1.4.15)
      polyglot
      polyglot (>= 0.3.1)
    twitter (5.3.0)
      addressable (~> 2.3)
      buftok (~> 0.2.0)
      descendants_tracker (~> 0.0.1)
      equalizer (~> 0.0.7, != 0.0.8)
      faraday (>= 0.8, < 0.10)
      http (~> 0.5.0)
      http_parser.rb (~> 0.6.0)
      json (~> 1.8)
      memoizable (~> 0.3.1)
      simple_oauth (~> 0.2.0)
    tzinfo (0.3.38)
    uglifier (2.4.0)
      execjs (>= 0.3.0)
      json (>= 1.8.0)
    uuidtools (2.1.4)
    warden (1.2.3)
      rack (>= 1.0)
    whenever (0.9.0)
      activesupport (>= 2.3.4)
      chronic (>= 0.6.3)
    xml-simple (1.1.2)
    yamler (0.1.0)

PLATFORMS
  ruby

DEPENDENCIES
  actionmailer-with-request
  actionpack-action_caching
  acts_as_tenant
  assessable!
  asset_sync
  aws-sdk
  aws-ses (~> 0.5.0)!
  backup (~> 3.0.24)
  cacheable-csrf-token-rails!
  cancan
  coffee-rails
  commentable!
  compass
  compass-rails
  daemons
  dalli
  delayed_job!
  delayed_job_active_record!
  delayed_mailhopper
  devise
  exception_notification
  followable!
  guard (>= 2.2.2)
  guard-livereload
  haml
  jquery-rails
  js-routes
  kaminari
  mailhopper!
  meta_request
  moderatable!
  mysql2
  newrelic_rpm
  oj
  omniauth
  omniauth-facebook
  omniauth-google-oauth2
  omniauth-oauth2
  omniauth-twitter
  paper_trail
  paperclip
  paperclip-optimizer
  premailer-rails
  rack-livereload
  rails (~> 4)
  rails_admin!
  rb-fsevent
  remotipart
  rinku
  role_model
  sanitize
  sassy-buttons
  sitemap_generator
  sprockets-rails
  thankable!
  themes_for_rails!
  therubyracer
  thin
  trackable!
  twitter
  uglifier
  whenever
  yamler
