GIT
  remote: https://github.com/collectiveidea/delayed_job
  revision: fc3dfda87fa099aec4138c5e29e39e5e79f46739
  specs:
    delayed_job (4.1.12)
      activesupport (>= 3.0, < 8.0)

GIT
  remote: https://github.com/collectiveidea/delayed_job_active_record
  revision: a264ba14c4529c4d2b3aff14331c17197f573ff9
  specs:
    delayed_job_active_record (4.1.10)
      activerecord (>= 3.0, < 8.0)
      delayed_job (>= 3.0, < 5)

GEM
  remote: http://rubygems.org/
  specs:
    actioncable (6.1.7.8)
      actionpack (= 6.1.7.8)
      activesupport (= 6.1.7.8)
      nio4r (~> 2.0)
      websocket-driver (>= 0.6.1)
    actionmailbox (6.1.7.8)
      actionpack (= 6.1.7.8)
      activejob (= 6.1.7.8)
      activerecord (= 6.1.7.8)
      activestorage (= 6.1.7.8)
      activesupport (= 6.1.7.8)
      mail (>= 2.7.1)
    actionmailer (6.1.7.8)
      actionpack (= 6.1.7.8)
      actionview (= 6.1.7.8)
      activejob (= 6.1.7.8)
      activesupport (= 6.1.7.8)
      mail (~> 2.5, >= 2.5.4)
      rails-dom-testing (~> 2.0)
    actionpack (6.1.7.8)
      actionview (= 6.1.7.8)
      activesupport (= 6.1.7.8)
      rack (~> 2.0, >= 2.0.9)
      rack-test (>= 0.6.3)
      rails-dom-testing (~> 2.0)
      rails-html-sanitizer (~> 1.0, >= 1.2.0)
    actiontext (6.1.7.8)
      actionpack (= 6.1.7.8)
      activerecord (= 6.1.7.8)
      activestorage (= 6.1.7.8)
      activesupport (= 6.1.7.8)
      nokogiri (>= 1.8.5)
    actionview (6.1.7.8)
      activesupport (= 6.1.7.8)
      builder (~> 3.1)
      erubi (~> 1.4)
      rails-dom-testing (~> 2.0)
      rails-html-sanitizer (~> 1.1, >= 1.2.0)
    activejob (6.1.7.8)
      activesupport (= 6.1.7.8)
      globalid (>= 0.3.6)
    activemodel (6.1.7.8)
      activesupport (= 6.1.7.8)
    activerecord (6.1.7.8)
      activemodel (= 6.1.7.8)
      activesupport (= 6.1.7.8)
    activerecord-import (1.8.0)
      activerecord (>= 4.2)
    activerecord-session_store (2.1.0)
      actionpack (>= 6.1)
      activerecord (>= 6.1)
      cgi (>= 0.3.6)
      multi_json (~> 1.11, >= 1.11.2)
      rack (>= 2.0.8, < 4)
      railties (>= 6.1)
    activestorage (6.1.7.8)
      actionpack (= 6.1.7.8)
      activejob (= 6.1.7.8)
      activerecord (= 6.1.7.8)
      activesupport (= 6.1.7.8)
      marcel (~> 1.0)
      mini_mime (>= 1.1.0)
    activesupport (6.1.7.8)
      concurrent-ruby (~> 1.0, >= 1.0.2)
      i18n (>= 1.6, < 2)
      minitest (>= 5.1)
      tzinfo (~> 2.0)
      zeitwerk (~> 2.3)
    acts_as_tenant (1.0.1)
      rails (>= 6.0)
    addressable (2.8.7)
      public_suffix (>= 2.0.2, < 7.0)
    ahoy_matey (4.2.1)
      activesupport (>= 5.2)
      device_detector
      safely_block (>= 0.2.1)
    aws-eventstream (1.3.0)
    aws-partitions (1.968.0)
    aws-record (2.13.2)
      aws-sdk-dynamodb (~> 1, >= 1.85.0)
    aws-sdk-core (3.202.0)
      aws-eventstream (~> 1, >= 1.3.0)
      aws-partitions (~> 1, >= 1.651.0)
      aws-sigv4 (~> 1.9)
      jmespath (~> 1, >= 1.6.1)
    aws-sdk-dynamodb (1.118.0)
      aws-sdk-core (~> 3, >= 3.201.0)
      aws-sigv4 (~> 1.5)
    aws-sdk-kms (1.88.0)
      aws-sdk-core (~> 3, >= 3.201.0)
      aws-sigv4 (~> 1.5)
    aws-sdk-rails (3.13.0)
      aws-record (~> 2)
      aws-sdk-ses (~> 1, >= 1.50.0)
      aws-sdk-sesv2 (~> 1, >= 1.34.0)
      aws-sdk-sqs (~> 1, >= 1.56.0)
      aws-sessionstore-dynamodb (~> 2)
      concurrent-ruby (>= 1.3.1)
      railties (>= 5.2.0)
    aws-sdk-s3 (1.159.0)
      aws-sdk-core (~> 3, >= 3.201.0)
      aws-sdk-kms (~> 1)
      aws-sigv4 (~> 1.5)
    aws-sdk-ses (1.69.0)
      aws-sdk-core (~> 3, >= 3.201.0)
      aws-sigv4 (~> 1.5)
    aws-sdk-sesv2 (1.56.0)
      aws-sdk-core (~> 3, >= 3.201.0)
      aws-sigv4 (~> 1.5)
    aws-sdk-sqs (1.80.0)
      aws-sdk-core (~> 3, >= 3.201.0)
      aws-sigv4 (~> 1.5)
    aws-sessionstore-dynamodb (2.2.0)
      aws-sdk-dynamodb (~> 1, >= 1.85.0)
      rack (>= 2, < 4)
      rack-session (>= 1, < 3)
    aws-sigv4 (1.9.1)
      aws-eventstream (~> 1, >= 1.0.2)
    base64 (0.2.0)
    bcrypt (3.1.20)
    bigdecimal (3.1.8)
    bootsnap (1.18.4)
      msgpack (~> 1.2)
    builder (3.3.0)
    camertron-eprun (1.1.1)
    cgi (0.4.1)
    chronic (0.10.2)
    cldr-plurals-runtime-rb (1.1.0)
    climate_control (1.2.0)
    commonmarker (1.0.4-arm64-darwin)
    commonmarker (1.0.4-x86_64-darwin)
    concurrent-ruby (1.3.4)
    crass (1.0.6)
    css_parser (1.19.0)
      addressable
    daemons (1.4.1)
    dalli (3.2.8)
    date (3.3.4)
    declarative (0.0.20)
    device_detector (1.1.3)
    domain_name (0.6.20240107)
    erubi (1.13.0)
    event_stream_parser (1.0.0)
    eventmachine (1.2.7)
    exception_notification (4.5.0)
      actionmailer (>= 5.2, < 8)
      activesupport (>= 5.2, < 8)
    excon (0.111.0)
    faraday (2.11.0)
      faraday-net_http (>= 2.0, < 3.4)
      logger
    faraday-multipart (1.0.4)
      multipart-post (~> 2)
    faraday-net_http (3.3.0)
      net-http
    ffi (1.17.0-arm64-darwin)
    ffi (1.17.0-x86_64-darwin)
    gems (1.2.0)
    globalid (1.2.1)
      activesupport (>= 6.1)
    google-api-client (0.53.0)
      google-apis-core (~> 0.1)
      google-apis-generator (~> 0.1)
    google-apis-core (0.15.1)
      addressable (~> 2.5, >= 2.5.1)
      googleauth (~> 1.9)
      httpclient (>= 2.8.3, < 3.a)
      mini_mime (~> 1.0)
      mutex_m
      representable (~> 3.0)
      retriable (>= 2.0, < 4.a)
    google-apis-discovery_v1 (0.19.0)
      google-apis-core (>= 0.15.0, < 2.a)
    google-apis-generator (0.15.1)
      activesupport (>= 5.0)
      gems (~> 1.2)
      google-apis-core (>= 0.15.0, < 2.a)
      google-apis-discovery_v1 (~> 0.18)
      thor (>= 0.20, < 2.a)
    google-cloud-env (2.2.0)
      faraday (>= 1.0, < 3.a)
    googleauth (1.11.0)
      faraday (>= 1.0, < 3.a)
      google-cloud-env (~> 2.1)
      jwt (>= 1.4, < 3.0)
      multi_json (~> 1.11)
      os (>= 0.9, < 2.0)
      signet (>= 0.16, < 2.a)
    haml (6.3.0)
      temple (>= 0.8.2)
      thor
      tilt
    hashie (5.0.0)
    http-accept (1.7.0)
    http-cookie (1.0.7)
      domain_name (~> 0.5)
    httpclient (2.8.3)
    i18n (1.14.5)
      concurrent-ruby (~> 1.0)
    jmespath (1.6.2)
    jwt (2.8.2)
      base64
    kt-paperclip (7.2.2)
      activemodel (>= 4.2.0)
      activesupport (>= 4.2.0)
      marcel (~> 1.0.1)
      mime-types
      terrapin (>= 0.6.0, < 2.0)
    lemmatizer (0.2.2)
    listen (3.9.0)
      rb-fsevent (~> 0.10, >= 0.10.3)
      rb-inotify (~> 0.9, >= 0.9.10)
    logger (1.6.0)
    loofah (2.22.0)
      crass (~> 1.0.2)
      nokogiri (>= 1.12.0)
    mail (2.8.1)
      mini_mime (>= 0.1.1)
      net-imap
      net-pop
      net-smtp
    mailgun-ruby (1.2.14)
      rest-client (>= 2.0.2)
    marcel (1.0.4)
    message_format (0.0.8)
      twitter_cldr (~> 6.0)
    method_source (1.1.0)
    mime-types (3.5.2)
      mime-types-data (~> 3.2015)
    mime-types-data (3.2024.0820)
    mini_mime (1.1.5)
    minitest (5.25.1)
    msgpack (1.7.2)
    multi_json (1.15.0)
    multi_xml (0.7.1)
      bigdecimal (~> 3.1)
    multipart-post (2.4.1)
    mutex_m (0.2.0)
    mysql2 (0.5.6)
    net-http (0.4.1)
      uri
    net-imap (0.4.15)
      date
      net-protocol
    net-pop (0.1.2)
      net-protocol
    net-protocol (0.2.2)
      timeout
    net-smtp (0.5.0)
      net-protocol
    netrc (0.11.0)
    nio4r (2.7.3)
    nokogiri (1.16.7-arm64-darwin)
      racc (~> 1.4)
    nokogiri (1.16.7-x86_64-darwin)
      racc (~> 1.4)
    oauth2 (2.0.9)
      faraday (>= 0.17.3, < 3.0)
      jwt (>= 1.0, < 3.0)
      multi_xml (~> 0.5)
      rack (>= 1.2, < 4)
      snaky_hash (~> 2.0)
      version_gem (~> 1.1)
    oj (3.16.5)
      bigdecimal (>= 3.0)
      ostruct (>= 0.2)
    oj_mimic_json (1.0.1)
    omniauth (2.1.2)
      hashie (>= 3.4.6)
      rack (>= 2.2.3)
      rack-protection
    omniauth-facebook (10.0.0)
      bigdecimal
      omniauth-oauth2 (>= 1.2, < 3)
    omniauth-google-oauth2 (1.1.2)
      jwt (>= 2.0)
      oauth2 (~> 2.0)
      omniauth (~> 2.0)
      omniauth-oauth2 (~> 1.8)
    omniauth-oauth2 (1.8.0)
      oauth2 (>= 1.4, < 3)
      omniauth (~> 2.0)
    omniauth-rails_csrf_protection (1.0.2)
      actionpack (>= 4.2)
      omniauth (~> 2.0)
    os (1.1.4)
    ostruct (0.6.0)
    prerender_rails (1.11.0)
      activesupport
      rack (~> 2.2.2)
    public_suffix (6.0.1)
    racc (1.8.1)
    rack (2.2.9)
    rack-protection (3.2.0)
      base64 (>= 0.1.0)
      rack (~> 2.2, >= 2.2.4)
    rack-session (1.0.2)
      rack (< 3)
    rack-test (2.1.0)
      rack (>= 1.3)
    rails (6.1.7.8)
      actioncable (= 6.1.7.8)
      actionmailbox (= 6.1.7.8)
      actionmailer (= 6.1.7.8)
      actionpack (= 6.1.7.8)
      actiontext (= 6.1.7.8)
      actionview (= 6.1.7.8)
      activejob (= 6.1.7.8)
      activemodel (= 6.1.7.8)
      activerecord (= 6.1.7.8)
      activestorage (= 6.1.7.8)
      activesupport (= 6.1.7.8)
      bundler (>= 1.15.0)
      railties (= 6.1.7.8)
      sprockets-rails (>= 2.0.0)
    rails-dom-testing (2.2.0)
      activesupport (>= 5.0.0)
      minitest
      nokogiri (>= 1.6)
    rails-html-sanitizer (1.6.0)
      loofah (~> 2.21)
      nokogiri (~> 1.14)
    railties (6.1.7.8)
      actionpack (= 6.1.7.8)
      activesupport (= 6.1.7.8)
      method_source
      rake (>= 12.2)
      thor (~> 1.0)
    rake (13.2.1)
    rb-fsevent (0.11.2)
    rb-inotify (0.11.1)
      ffi (~> 1.0)
    representable (3.2.0)
      declarative (< 0.1.0)
      trailblazer-option (>= 0.1.1, < 0.2.0)
      uber (< 0.2.0)
    rest-client (2.1.0)
      http-accept (>= 1.7.0, < 2.0)
      http-cookie (>= 1.0.2, < 2.0)
      mime-types (>= 1.16, < 4.0)
      netrc (~> 0.8)
    retriable (3.1.2)
    rexml (3.3.6)
      strscan
    ruby-openai (7.1.0)
      event_stream_parser (>= 0.3.0, < 2.0.0)
      faraday (>= 1)
      faraday-multipart (>= 1)
    ruby-prof (1.7.0)
    ruby-saml (1.16.0)
      nokogiri (>= 1.13.10)
      rexml
    rubyzip (2.3.2)
    safely_block (0.4.0)
    signet (0.19.0)
      addressable (~> 2.8)
      faraday (>= 0.17.5, < 3.a)
      jwt (>= 1.5, < 3.0)
      multi_json (~> 1.10)
    sitemap_generator (6.3.0)
      builder (~> 3.0)
    snaky_hash (2.0.1)
      hashie
      version_gem (~> 1.1, >= 1.1.1)
    sprockets (4.2.1)
      concurrent-ruby (~> 1.0)
      rack (>= 2.2.4, < 4)
    sprockets-rails (3.5.2)
      actionpack (>= 6.1)
      activesupport (>= 6.1)
      sprockets (>= 3.0.0)
    stripe (12.5.0)
    strscan (3.1.0)
    temple (0.10.3)
    terrapin (1.0.1)
      climate_control
    thin (1.8.2)
      daemons (~> 1.0, >= 1.0.9)
      eventmachine (~> 1.0, >= 1.0.4)
      rack (>= 1, < 3)
    thor (1.3.1)
    tilt (2.4.0)
    timeout (0.4.1)
    trailblazer-option (0.1.2)
    twitter_cldr (6.12.1)
      camertron-eprun
      cldr-plurals-runtime-rb (~> 1.1)
      tzinfo
    tzinfo (2.0.6)
      concurrent-ruby (~> 1.0)
    uber (0.1.0)
    uri (0.13.1)
    version_gem (1.1.4)
    websocket-driver (0.7.6)
      websocket-extensions (>= 0.1.0)
    websocket-extensions (0.1.5)
    whenever (1.0.0)
      chronic (>= 0.6.3)
    zeitwerk (2.6.17)

PLATFORMS
  arm64-darwin-22
  x86_64-darwin-21

DEPENDENCIES
  activerecord-import
  activerecord-session_store
  acts_as_tenant
  ahoy_matey (~> 4.2.1)
  aws-sdk-rails
  aws-sdk-s3
  aws-sdk-ses
  bcrypt
  bootsnap
  commonmarker (~> 1.0.0.pre7)
  css_parser
  daemons
  dalli
  delayed_job!
  delayed_job_active_record!
  exception_notification
  excon
  google-api-client
  haml
  kt-paperclip
  lemmatizer
  listen
  mailgun-ruby
  message_format
  mysql2
  oj
  oj_mimic_json
  omniauth-facebook
  omniauth-google-oauth2
  omniauth-oauth2
  omniauth-rails_csrf_protection
  prerender_rails
  rails (~> 6.1)
  ruby-openai
  ruby-prof
  ruby-saml (~> 1.11)
  rubyzip
  sitemap_generator
  stripe
  thin
  whenever

BUNDLED WITH
   2.4.5
